GEM
  remote: https://rubygems.org/
  specs:
    diff-lcs (1.2.5)
    factual-api (1.3.17)
      json (~> 1.2, >= 1.2.0)
      oauth (~> 0.4.4, >= 0.4.4)
    json (1.8.3)
    oauth (0.4.7)
    rspec (3.3.0)
      rspec-core (~> 3.3.0)
      rspec-expectations (~> 3.3.0)
      rspec-mocks (~> 3.3.0)
    rspec-core (3.3.2)
      rspec-support (~> 3.3.0)
    rspec-expectations (3.3.1)
      diff-lcs (>= 1.2.0, < 2.0)
      rspec-support (~> 3.3.0)
    rspec-mocks (3.3.2)
      diff-lcs (>= 1.2.0, < 2.0)
      rspec-support (~> 3.3.0)
    rspec-support (3.3.0)

PLATFORMS
  ruby

DEPENDENCIES
  factual-api
  rspec

BUNDLED WITH
   1.10.6
